GIT
  remote: git@github.com:TikiTDO/bower-rails
  revision: 5435176d1182a15d058a09456b1a677ae9f07638
  specs:
    bower-rails (0.3.1)

PATH
  remote: .
  specs:
    json_tunnel (2.0.0dev)
      andand
      binding_of_caller
      coffee-script
      json
      rake
      rkelly_for_reef
      sourcify
      uglifier

GEM
  remote: https://rubygems.org/
  specs:
    andand (1.3.3)
    binding_of_caller (0.7.1)
      debug_inspector (>= 0.0.1)
    childprocess (0.3.9)
      ffi (~> 1.0, >= 1.0.11)
    coderay (1.0.9)
    coffee-script (2.2.0)
      coffee-script-source
      execjs
    coffee-script-source (1.6.2)
    columnize (0.3.6)
    debug_inspector (0.0.2)
    debugger (1.6.0)
      columnize (>= 0.3.1)
      debugger-linecache (~> 1.2.0)
      debugger-ruby_core_source (~> 1.2.1)
    debugger-linecache (1.2.0)
    debugger-ruby_core_source (1.2.2)
    diff-lcs (1.2.4)
    execjs (1.4.0)
      multi_json (~> 1.0)
    ffi (1.8.1)
    file-tail (1.0.12)
      tins (~> 0.5)
    filewatcher (0.1.8)
      trollop (>= 1.16.2)
    hike (1.2.2)
    jasmine (1.3.2)
      jasmine-core (~> 1.3.1)
      rack (~> 1.0)
      rspec (>= 1.3.1)
      selenium-webdriver (>= 0.1.3)
    jasmine-core (1.3.1)
    json (1.8.0)
    metaclass (0.0.1)
    method_source (0.8.1)
    mocha (0.14.0)
      metaclass (~> 0.0.1)
    multi_json (1.7.4)
    nokogiri (1.5.9)
    pry (0.9.12.2)
      coderay (~> 1.0.5)
      method_source (~> 0.8)
      slop (~> 3.4)
    pry-debugger (0.2.2)
      debugger (~> 1.3)
      pry (~> 0.9.10)
    rack (1.5.2)
    rake (10.0.4)
    rb-fchange (0.0.6)
      ffi
    rb-fsevent (0.9.3)
    rb-inotify (0.9.0)
      ffi (>= 0.5.0)
    rkelly_for_reef (1.0.8)
    rspec (2.13.0)
      rspec-core (~> 2.13.0)
      rspec-expectations (~> 2.13.0)
      rspec-mocks (~> 2.13.0)
    rspec-core (2.13.1)
    rspec-expectations (2.13.0)
      diff-lcs (>= 1.1.3, < 2.0)
    rspec-mocks (2.13.1)
    ruby2ruby (2.0.5)
      ruby_parser (~> 3.1)
      sexp_processor (~> 4.0)
    ruby_parser (3.1.3)
      sexp_processor (~> 4.1)
    rubyzip (0.9.9)
    selenium-webdriver (2.33.0)
      childprocess (>= 0.2.5)
      multi_json (~> 1.0)
      rubyzip
      websocket (~> 1.0.4)
    sexp_processor (4.2.1)
    slim (2.0.0)
      temple (~> 0.6.5)
      tilt (~> 1.3, >= 1.3.3)
    slop (3.4.5)
    sourcify (0.5.0)
      file-tail (>= 1.0.5)
      ruby2ruby (>= 1.2.5)
      ruby_parser (>= 2.0.5)
      sexp_processor (>= 3.0.5)
    spork (0.9.2)
    sprockets (2.10.0)
      hike (~> 1.2)
      multi_json (~> 1.0)
      rack (~> 1.0)
      tilt (~> 1.1, != 1.3.0)
    temple (0.6.5)
    tilt (1.4.1)
    tins (0.8.0)
    trollop (2.0)
    uglifier (2.1.1)
      execjs (>= 0.3.0)
      multi_json (~> 1.0, >= 1.0.2)
    websocket (1.0.7)

PLATFORMS
  ruby

DEPENDENCIES
  bower-rails!
  bundler (>= 1.0.0)
  coffee-script
  execjs
  filewatcher
  jasmine
  json_tunnel!
  mocha
  nokogiri
  pry
  pry-debugger
  rb-fchange
  rb-fsevent
  rb-inotify
  rkelly_for_reef
  rspec
  slim
  spork
  sprockets
  tilt
